PATH
  remote: .
  specs:
    sterile (1.0.17)
      nokogiri (>= 1.10.8)

GEM
  remote: http://rubygems.org/
  specs:
    mini_portile2 (2.4.0)
    nokogiri (1.10.10)
      mini_portile2 (~> 2.4.0)

PLATFORMS
  ruby

DEPENDENCIES
  sterile!

BUNDLED WITH
   1.17.3
