PATH
  remote: .
  specs:
    sterile (1.0.13)
      nokogiri

GEM
  remote: http://rubygems.org/
  specs:
    mini_portile2 (2.4.0)
    nokogiri (1.9.1)
      mini_portile2 (~> 2.4.0)

PLATFORMS
  ruby

DEPENDENCIES
  sterile!

BUNDLED WITH
   1.16.6
