PATH
  remote: .
  specs:
    sterile (1.0.22)
      nokogiri (>= 1.11.7)

GEM
  remote: https://rubygems.org/
  specs:
    mini_portile2 (2.8.0)
    minitest (5.14.4)
    nokogiri (1.13.3)
      mini_portile2 (~> 2.8.0)
      racc (~> 1.4)
    racc (1.6.0)
    rake (13.0.3)

PLATFORMS
  ruby

DEPENDENCIES
  minitest
  rake
  sterile!

BUNDLED WITH
   2.2.19
