PATH
  remote: .
  specs:
    sterile (1.0.17)
      nokogiri (>= 1.11.0)

GEM
  remote: https://rubygems.org/
  specs:
    mini_portile2 (2.5.0)
    nokogiri (1.11.2)
      mini_portile2 (~> 2.5.0)
      racc (~> 1.4)
    racc (1.5.2)

PLATFORMS
  ruby

DEPENDENCIES
  sterile!

BUNDLED WITH
   1.17.3
